GEM
  remote: https://rubygems.org/
  specs:
    addressable (2.3.2)
    excon (0.16.7)
    fastercsv (1.5.0)
    heroku (2.32.14)
      heroku-api (~> 0.3.5)
      launchy (>= 0.3.2)
      netrc (~> 0.7.7)
      rest-client (~> 1.6.1)
      rubyzip
    heroku-api (0.3.5)
      excon (~> 0.16.1)
    launchy (2.1.2)
      addressable (~> 2.3)
    mime-types (1.19)
    netrc (0.7.7)
    nokogiri (1.3.3)
    rack (1.0.1)
    rake (0.8.7)
    rest-client (1.6.7)
      mime-types (>= 1.16)
    rubyzip (0.9.9)
    sanitize (1.1.0)
      nokogiri (~> 1.3.3)
    sqlite3-ruby (1.2.4)
    will_paginate (2.3.11)

PLATFORMS
  ruby

DEPENDENCIES
  fastercsv (= 1.5.0)
  heroku
  nokogiri (= 1.3.3)
  rack (= 1.0.1)
  rake (= 0.8.7)
  sanitize (= 1.1.0)
  sqlite3-ruby (= 1.2.4)
  will_paginate (= 2.3.11)
