GEM
  remote: https://rubygems.org/
  specs:
    RedCloth (4.1.9)
    SystemTimer (1.2)
    addressable (2.3.2)
    builder (2.1.1)
    daemons (1.0.10)
    eventmachine (0.12.6)
    excon (0.16.7)
    fastercsv (1.5.0)
    heroku (2.32.14)
      heroku-api (~> 0.3.5)
      launchy (>= 0.3.2)
      netrc (~> 0.7.7)
      rest-client (~> 1.6.1)
      rubyzip
    heroku-api (0.3.5)
      excon (~> 0.16.1)
    hpricot (0.8.1)
    json (1.2.4)
    launchy (2.1.2)
      addressable (~> 2.3)
    memcache-client (1.7.4)
    mime-types (1.19)
    netrc (0.7.7)
    nokogiri (1.3.3)
    pg (0.8.0)
    rack (1.0.1)
    rake (0.8.7)
    rdiscount (1.6.3)
    rest-client (1.6.7)
      mime-types (>= 1.16)
    rubyzip (0.9.9)
    sanitize (1.1.0)
      nokogiri (~> 1.3.3)
    sqlite3-ruby (1.2.4)
    thin (1.0.0)
      daemons (>= 1.0.9)
      eventmachine (>= 0.12.0)
      rack (>= 0.3.0)
    tzinfo (0.3.12)
    will_paginate (2.3.11)

PLATFORMS
  ruby

DEPENDENCIES
  RedCloth (= 4.1.9)
  SystemTimer (= 1.2)
  builder (= 2.1.1)
  daemons (= 1.0.10)
  eventmachine (= 0.12.6)
  fastercsv (= 1.5.0)
  heroku
  hpricot (= 0.8.1)
  json (= 1.2.4)
  memcache-client (= 1.7.4)
  nokogiri (= 1.3.3)
  pg (= 0.8.0)
  rack (= 1.0.1)
  rake (= 0.8.7)
  rdiscount (= 1.6.3)
  sanitize (= 1.1.0)
  sqlite3-ruby (= 1.2.4)
  thin (= 1.0.0)
  tzinfo (= 0.3.12)
  will_paginate (= 2.3.11)
